PATH
  remote: .
  specs:
    fit4ruby (3.3.0)
      bindata (= 2.3.0)

GEM
  remote: https://rubygems.org/
  specs:
    bindata (2.3.0)
    rake (0.9.6)
    yard (0.9.20)

PLATFORMS
  ruby

DEPENDENCIES
  bundler (>= 1.6.4)
  fit4ruby!
  rake (~> 0.9.6)
  yard (~> 0.9.20)

BUNDLED WITH
   2.0.2
